GEM
  remote: https://rubygems.org/
  specs:
    actioncable (7.0.5.1)
      actionpack (= 7.0.5.1)
      activesupport (= 7.0.5.1)
      nio4r (~> 2.0)
      websocket-driver (>= 0.6.1)
    actionmailbox (7.0.5.1)
      actionpack (= 7.0.5.1)
      activejob (= 7.0.5.1)
      activerecord (= 7.0.5.1)
      activestorage (= 7.0.5.1)
      activesupport (= 7.0.5.1)
      mail (>= 2.7.1)
      net-imap
      net-pop
      net-smtp
    actionmailer (7.0.5.1)
      actionpack (= 7.0.5.1)
      actionview (= 7.0.5.1)
      activejob (= 7.0.5.1)
      activesupport (= 7.0.5.1)
      mail (~> 2.5, >= 2.5.4)
      net-imap
      net-pop
      net-smtp
      rails-dom-testing (~> 2.0)
    actionpack (7.0.5.1)
      actionview (= 7.0.5.1)
      activesupport (= 7.0.5.1)
      rack (~> 2.0, >= 2.2.4)
      rack-test (>= 0.6.3)
      rails-dom-testing (~> 2.0)
      rails-html-sanitizer (~> 1.0, >= 1.2.0)
    actiontext (7.0.5.1)
      actionpack (= 7.0.5.1)
      activerecord (= 7.0.5.1)
      activestorage (= 7.0.5.1)
      activesupport (= 7.0.5.1)
      globalid (>= 0.6.0)
      nokogiri (>= 1.8.5)
    actionview (7.0.5.1)
      activesupport (= 7.0.5.1)
      builder (~> 3.1)
      erubi (~> 1.4)
      rails-dom-testing (~> 2.0)
      rails-html-sanitizer (~> 1.1, >= 1.2.0)
    active_model_serializers (0.10.13)
      actionpack (>= 4.1, < 7.1)
      activemodel (>= 4.1, < 7.1)
      case_transform (>= 0.2)
      jsonapi-renderer (>= 0.1.1.beta1, < 0.3)
    activejob (7.0.5.1)
      activesupport (= 7.0.5.1)
      globalid (>= 0.3.6)
    activemodel (7.0.5.1)
      activesupport (= 7.0.5.1)
    activerecord (7.0.5.1)
      activemodel (= 7.0.5.1)
      activesupport (= 7.0.5.1)
    activestorage (7.0.5.1)
      actionpack (= 7.0.5.1)
      activejob (= 7.0.5.1)
      activerecord (= 7.0.5.1)
      activesupport (= 7.0.5.1)
      marcel (~> 1.0)
      mini_mime (>= 1.1.0)
    activesupport (7.0.5.1)
      concurrent-ruby (~> 1.0, >= 1.0.2)
      i18n (>= 1.6, < 2)
      minitest (>= 5.1)
      tzinfo (~> 2.0)
    addressable (2.8.4)
      public_suffix (>= 2.0.2, < 6.0)
    ansi (1.5.0)
    ast (2.4.2)
    bcrypt (3.1.19)
    builder (3.2.4)
    byebug (11.1.3)
    case_transform (0.2)
      activesupport
    concurrent-ruby (1.2.2)
    connection_pool (2.4.1)
    crass (1.0.6)
    date (3.3.3)
    debug (1.8.0)
      irb (>= 1.5.0)
      reline (>= 0.3.1)
    email_validator (1.6.0)
      activemodel
    erubi (1.12.0)
    ethon (0.16.0)
      ffi (>= 1.15.0)
    ffi (1.15.5)
    globalid (1.1.0)
      activesupport (>= 5.0)
    i18n (1.14.1)
      concurrent-ruby (~> 1.0)
    image_info (1.2.2)
      addressable (~> 2.0)
      image_size (~> 2.0)
      typhoeus (~> 1.0)
    image_size (2.1.2)
    io-console (0.6.0)
    irb (1.7.0)
      reline (>= 0.3.0)
    iso8601 (0.13.0)
    json (2.6.3)
    jsonapi-renderer (0.2.2)
    link_thumbnailer (3.4.0)
      activesupport (>= 3.0)
      image_info (~> 1.0, >= 1.2.0)
      json (>= 1.7.7)
      net-http-persistent (>= 2.9)
      nokogiri (>= 1.6)
      rake (>= 0.9)
      video_info (>= 2.6)
    loofah (2.21.3)
      crass (~> 1.0.2)
      nokogiri (>= 1.12.0)
    mail (2.8.1)
      mini_mime (>= 0.1.1)
      net-imap
      net-pop
      net-smtp
    marcel (1.0.2)
    method_source (1.0.0)
    mini_mime (1.1.2)
    minitest (5.18.1)
    net-http-persistent (4.0.2)
      connection_pool (~> 2.2)
    net-imap (0.3.6)
      date
      net-protocol
    net-pop (0.1.2)
      net-protocol
    net-protocol (0.2.1)
      timeout
    net-smtp (0.3.3)
      net-protocol
    net_http_timeout_errors (1.0.0)
    nio4r (2.5.9)
    nokogiri (1.15.2-x86_64-darwin)
      racc (~> 1.4)
    oga (3.4)
      ast
      ruby-ll (~> 2.1)
    public_suffix (5.0.3)
    puma (5.6.6)
      nio4r (~> 2.0)
    racc (1.7.1)
    rack (2.2.7)
    rack-cors (2.0.1)
      rack (>= 2.0.0)
    rack-test (2.1.0)
      rack (>= 1.3)
    rails (7.0.5.1)
      actioncable (= 7.0.5.1)
      actionmailbox (= 7.0.5.1)
      actionmailer (= 7.0.5.1)
      actionpack (= 7.0.5.1)
      actiontext (= 7.0.5.1)
      actionview (= 7.0.5.1)
      activejob (= 7.0.5.1)
      activemodel (= 7.0.5.1)
      activerecord (= 7.0.5.1)
      activestorage (= 7.0.5.1)
      activesupport (= 7.0.5.1)
      bundler (>= 1.15.0)
      railties (= 7.0.5.1)
    rails-dom-testing (2.0.3)
      activesupport (>= 4.2.0)
      nokogiri (>= 1.6)
    rails-html-sanitizer (1.6.0)
      loofah (~> 2.21)
      nokogiri (~> 1.14)
    railties (7.0.5.1)
      actionpack (= 7.0.5.1)
      activesupport (= 7.0.5.1)
      method_source
      rake (>= 12.2)
      thor (~> 1.0)
      zeitwerk (~> 2.5)
    rake (13.0.6)
    reline (0.3.5)
      io-console (~> 0.5)
    ruby-ll (2.1.3)
      ansi
      ast
    sqlite3 (1.6.3-x86_64-darwin)
    thor (1.2.2)
    timeout (0.4.0)
    typhoeus (1.4.0)
      ethon (>= 0.9.0)
    tzinfo (2.0.6)
      concurrent-ruby (~> 1.0)
    video_info (4.0.0)
      iso8601 (~> 0.13.0)
      net_http_timeout_errors (~> 1.0.0)
      oga (~> 3.4)
    websocket-driver (0.7.5)
      websocket-extensions (>= 0.1.0)
    websocket-extensions (0.1.5)
    will_paginate (4.0.0)
    zeitwerk (2.6.8)

PLATFORMS
  x86_64-darwin-20

DEPENDENCIES
  active_model_serializers
  bcrypt
  byebug (~> 11.1, >= 11.1.3)
  debug
  email_validator (~> 1.6)
  link_thumbnailer
  puma (~> 5.0)
  rack-cors
  rails (~> 7.0.5, >= 7.0.5.1)
  sqlite3 (~> 1.4)
  tzinfo-data
  will_paginate (~> 4.0)

RUBY VERSION
   ruby 2.7.4p191

BUNDLED WITH
   2.4.14
